GEM
  remote: http://rubygems.org/
  specs:
    rack (1.4.5)
    redis (2.2.2)
    redis-namespace (1.1.1)
      redis (< 3.0.0)
    redrack-session (1.0.2)
      rack (>= 1.3.5, < 1.5)
      redis (~> 2.2.2)
      redis-namespace (>= 1.0.2, < 2.0)

PLATFORMS
  ruby

DEPENDENCIES
  rack
  redrack-session
